GEM
  remote: http://rubygems.org/
  specs:
    builder (3.1.4)
    faraday (0.8.4)
      multipart-post (~> 1.1)
    git (1.2.5)
    hashie (1.2.0)
    httpauth (0.2.0)
    jeweler (1.8.4)
      bundler (~> 1.0)
      git (>= 1.2.5)
      rake
      rdoc
    json (1.7.5)
    jwt (0.1.5)
      multi_json (>= 1.0)
    multi_json (1.3.7)
    multipart-post (1.1.5)
    oauth (0.4.7)
    oauth2 (0.8.0)
      faraday (~> 0.8)
      httpauth (~> 0.1)
      jwt (~> 0.1.4)
      multi_json (~> 1.0)
      rack (~> 1.2)
    omniauth (1.1.1)
      hashie (~> 1.2)
      rack
    rack (1.4.1)
    rake (10.0.2)
    rdoc (3.12)
      json (~> 1.4)
    rforce (0.10)
      builder (~> 3.0)
      oauth (~> 0.4)

PLATFORMS
  ruby

DEPENDENCIES
  bundler (~> 1.2.2)
  jeweler (> 1.5.2)
  oauth2 (>= 0.7.1)
  omniauth (~> 1.1.1)
  rforce
